GIT
  remote: https://github.com/tmonteiro2344/calendarium-romanum
  revision: debb9c04f85e461693c1972ed949bde8aa939e8c
  branch: master
  specs:
    calendarium-romanum (2.0.4)
      i18n (~> 0.6)
      roman-numerals (~> 0.3)
      thor (~> 0.18)

GEM
  remote: https://rubygems.org/
  specs:
    activesupport (5.1.4)
      concurrent-ruby (~> 1.0, >= 1.0.2)
      i18n (~> 0.7)
      minitest (~> 5.1)
      tzinfo (~> 1.1)
    axiom-types (0.1.1)
      descendants_tracker (~> 0.0.4)
      ice_nine (~> 0.11.0)
      thread_safe (~> 0.3, >= 0.3.1)
    builder (3.2.3)
    coderay (1.1.2)
    coercible (1.0.0)
      descendants_tracker (~> 0.0.1)
    concurrent-ruby (1.1.8)
    descendants_tracker (0.0.4)
      thread_safe (~> 0.3, >= 0.3.1)
    equalizer (0.0.11)
    ffi (1.9.18)
    formatador (0.2.5)
    grape (1.0.1)
      activesupport
      builder
      mustermann-grape (~> 1.0.0)
      rack (>= 1.3.0)
      rack-accept
      virtus (>= 1.0.0)
    grape-entity (0.6.1)
      activesupport (>= 5.0.0)
      multi_json (>= 1.3.2)
    guard (2.14.1)
      formatador (>= 0.2.4)
      listen (>= 2.7, < 4.0)
      lumberjack (~> 1.0)
      nenv (~> 0.1)
      notiffany (~> 0.0)
      pry (>= 0.9.12)
      shellany (~> 0.0)
      thor (>= 0.18.1)
    guard-rack (2.2.0)
      ffi
      guard (~> 2.3)
      spoon
    haml (5.0.4)
      temple (>= 0.8.0)
      tilt
    i18n (0.9.5)
      concurrent-ruby (~> 1.0)
    ice_nine (0.11.2)
    listen (3.1.5)
      rb-fsevent (~> 0.9, >= 0.9.4)
      rb-inotify (~> 0.9, >= 0.9.7)
      ruby_dep (~> 1.2)
    lumberjack (1.0.12)
    method_source (0.9.0)
    minitest (5.10.3)
    multi_json (1.12.2)
    mustermann (1.0.1)
    mustermann-grape (1.0.0)
      mustermann (~> 1.0.0)
    nenv (0.3.0)
    notiffany (0.1.1)
      nenv (~> 0.1)
      shellany (~> 0.0)
    oj (3.3.9)
    ordinalize_full (1.5.0)
      i18n (~> 0.8)
    pry (0.11.2)
      coderay (~> 1.1.0)
      method_source (~> 0.9.0)
    puma (3.10.0)
    rack (1.6.8)
    rack-accept (0.4.5)
      rack (>= 0.4)
    rack-contrib (1.7.0)
      rack (~> 1.4)
    rack-cors (1.0.2)
    rack-test (0.7.0)
      rack (>= 1.0, < 3)
    rake (12.2.1)
    rb-fsevent (0.10.2)
    rb-inotify (0.9.10)
      ffi (>= 0.5.0, < 2)
    roda (3.1.0)
      rack
    roman-numerals (0.3.0)
    ruby_dep (1.5.0)
    shellany (0.0.1)
    spoon (0.0.6)
      ffi
    temple (0.8.0)
    thor (0.20.3)
    thread_safe (0.3.6)
    tilt (2.0.8)
    tzinfo (1.2.4)
      thread_safe (~> 0.1)
    virtus (1.0.5)
      axiom-types (~> 0.1)
      coercible (~> 1.0)
      descendants_tracker (~> 0.0, >= 0.0.3)
      equalizer (~> 0.0, >= 0.0.9)

PLATFORMS
  ruby

DEPENDENCIES
  calendarium-romanum!
  grape
  grape-entity
  guard
  guard-rack
  haml
  minitest
  multi_json
  oj
  ordinalize_full (= 1.5.0)
  puma
  rack-contrib
  rack-cors
  rack-test
  rake
  roda

RUBY VERSION
   ruby 2.3.1p112

BUNDLED WITH
   1.17.3
